GIT
  remote: git://github.com/rack/rack.git
  revision: c16729ddc2a0576818db2e8c20ca6550d9d2cdad
  specs:
    rack (1.3.0.beta)

GIT
  remote: git://github.com/rails/arel.git
  revision: 8ec1b8490a383fd0b7189ba05f550853fc37fa72
  specs:
    arel (2.1.0.20110430172428)

GIT
  remote: git://github.com/rails/rails.git
  revision: fa187ec77867ac732b08fd2d5cb4d98712fc3313
  specs:
    actionmailer (3.1.0.beta1)
      actionpack (= 3.1.0.beta1)
      mail (~> 2.3.0)
    actionpack (3.1.0.beta1)
      activemodel (= 3.1.0.beta1)
      activesupport (= 3.1.0.beta1)
      builder (~> 3.0.0)
      erubis (~> 2.7.0)
      i18n (~> 0.6.0beta1)
      rack (~> 1.3.0.beta)
      rack-cache (~> 1.0.1)
      rack-mount (~> 0.7.2)
      rack-test (~> 0.6.0)
      sprockets (~> 2.0.0.beta.2)
      tzinfo (~> 0.3.27)
    activemodel (3.1.0.beta1)
      activesupport (= 3.1.0.beta1)
      bcrypt-ruby (~> 2.1.4)
      builder (~> 3.0.0)
      i18n (~> 0.6.0beta1)
    activerecord (3.1.0.beta1)
      activemodel (= 3.1.0.beta1)
      activesupport (= 3.1.0.beta1)
      arel (~> 2.1.0)
      tzinfo (~> 0.3.27)
    activeresource (3.1.0.beta1)
      activemodel (= 3.1.0.beta1)
      activesupport (= 3.1.0.beta1)
    activesupport (3.1.0.beta1)
      multi_json (~> 1.0)
    rails (3.1.0.beta1)
      actionmailer (= 3.1.0.beta1)
      actionpack (= 3.1.0.beta1)
      activerecord (= 3.1.0.beta1)
      activeresource (= 3.1.0.beta1)
      activesupport (= 3.1.0.beta1)
      bundler (~> 1.0)
      railties (= 3.1.0.beta1)
    railties (3.1.0.beta1)
      actionpack (= 3.1.0.beta1)
      activesupport (= 3.1.0.beta1)
      rack-ssl (~> 1.3.2)
      rake (>= 0.8.7)
      thor (~> 0.14.6)

GIT
  remote: git://github.com/resolve/refinerycms
  revision: 91f58e0be6d1b95b824d71e3610617f8e4070b55
  ref: rails-3-1
  specs:
    refinerycms (1.1.0.pre)
      bundler (~> 1.0)
      refinerycms-authentication (= 1.1.0.pre)
      refinerycms-base (= 1.1.0.pre)
      refinerycms-core (= 1.1.0.pre)
      refinerycms-dashboard (= 1.1.0.pre)
      refinerycms-images (= 1.1.0.pre)
      refinerycms-pages (= 1.1.0.pre)
      refinerycms-resources (= 1.1.0.pre)
      refinerycms-settings (= 1.1.0.pre)
    refinerycms-authentication (1.1.0.pre)
      devise (~> 1.3.0)
      friendly_id_globalize3 (~> 3.2.1)
      refinerycms-core (= 1.1.0.pre)
    refinerycms-base (1.1.0.pre)
    refinerycms-core (1.1.0.pre)
      acts_as_indexed (~> 0.7)
      awesome_nested_set (~> 2.0)
      friendly_id_globalize3 (~> 3.2.1)
      globalize3 (>= 0.1.0.beta)
      kaminari (~> 0.12)
      rails (>= 3.1.0.beta)
      refinerycms-base (= 1.1.0.pre)
      refinerycms-generators (~> 1.0)
      refinerycms-settings (= 1.1.0.pre)
      truncate_html (~> 0.5)
    refinerycms-dashboard (1.1.0.pre)
      refinerycms-core (= 1.1.0.pre)
    refinerycms-images (1.1.0.pre)
      dragonfly (~> 0.8.4)
      rack-cache (>= 0.5.3)
      refinerycms-core (= 1.1.0.pre)
    refinerycms-pages (1.1.0.pre)
      awesome_nested_set (~> 2.0)
      friendly_id_globalize3 (~> 3.2.1)
      globalize3 (>= 0.1.0.beta)
      refinerycms-core (= 1.1.0.pre)
      seo_meta (~> 1.0.6)
    refinerycms-resources (1.1.0.pre)
      dragonfly (~> 0.8.4)
      rack-cache (>= 0.5.3)
      refinerycms-core (= 1.1.0.pre)
    refinerycms-settings (1.1.0.pre)
      refinerycms-base (= 1.1.0.pre)

GEM
  remote: http://rubygems.org/
  specs:
    acts_as_indexed (0.7.2)
    awesome_nested_set (2.0.0)
      activerecord (>= 3.0.0)
    babosa (0.3.4)
    bcrypt-ruby (2.1.4)
    builder (3.0.0)
    devise (1.3.4)
      bcrypt-ruby (~> 2.1.2)
      orm_adapter (~> 0.0.3)
      warden (~> 1.0.3)
    dragonfly (0.8.4)
      rack
    erubis (2.7.0)
    friendly_id_globalize3 (3.2.1.3)
      babosa (~> 0.3.0)
    globalize3 (0.1.0.beta)
      activemodel (>= 3.0.0)
      activerecord (>= 3.0.0)
    hike (1.0.0)
    i18n (0.6.0beta1)
    kaminari (0.12.4)
      rails (>= 3.0.0)
    mail (2.3.0)
      i18n (>= 0.4.0)
      mime-types (~> 1.16)
      treetop (~> 1.4.8)
    mime-types (1.16)
    multi_json (1.0.1)
    orm_adapter (0.0.5)
    polyglot (0.3.1)
    rack-cache (1.0.1)
      rack (>= 0.4)
    rack-mount (0.7.2)
      rack (>= 1.0.0)
    rack-ssl (1.3.2)
      rack
    rack-test (0.6.0)
      rack (>= 1.0)
    rake (0.8.7)
    refinerycms-generators (1.0.1)
    refinerycms-i18n (1.0.0)
      refinerycms-core (>= 0.9.9.12)
      routing-filter (>= 0.2.3)
    routing-filter (0.2.3)
      actionpack
    seo_meta (1.0.7)
      refinerycms-generators (~> 1.0.1)
    sprockets (2.0.0.beta.2)
      hike (~> 1.0)
      rack (~> 1.0)
      tilt (~> 1.0)
    sqlite3 (1.3.3)
    thor (0.14.6)
    tilt (1.3)
    treetop (1.4.9)
      polyglot (>= 0.3.1)
    truncate_html (0.5.1)
    tzinfo (0.3.27)
    warden (1.0.4)
      rack (>= 1.0)

PLATFORMS
  ruby

DEPENDENCIES
  arel!
  rack!
  rails!
  refinerycms!
  refinerycms-i18n (~> 1.0.0)
  sqlite3
